PATH
  remote: .
  specs:
    gem-git (0.0.2)
      bundler
      rake

GEM
  remote: http://rubygems.org/
  specs:
    rake (0.9.2.2)

PLATFORMS
  ruby

DEPENDENCIES
  gem-git!
